PATH
  remote: .
  specs:
    sidekiq-clockwork (0.1.1)
      sidekiq

GEM
  remote: https://rubygems.org/
  specs:
    ast (2.4.1)
    connection_pool (2.2.3)
    docile (1.3.2)
    minitest (5.14.2)
    minitest-utils (0.4.6)
      minitest
    parallel (1.19.2)
    parser (2.7.1.5)
      ast (~> 2.4.1)
    rack (2.2.3)
    rainbow (3.0.0)
    rake (13.0.1)
    redis (4.2.2)
    regexp_parser (1.8.0)
    rexml (3.2.4)
    rubocop (0.91.1)
      parallel (~> 1.10)
      parser (>= 2.7.1.1)
      rainbow (>= 2.2.2, < 4.0)
      regexp_parser (>= 1.7)
      rexml
      rubocop-ast (>= 0.4.0, < 1.0)
      ruby-progressbar (~> 1.7)
      unicode-display_width (>= 1.4.0, < 2.0)
    rubocop-ast (0.4.2)
      parser (>= 2.7.1.4)
    rubocop-fnando (0.0.13)
    ruby-progressbar (1.10.1)
    sidekiq (6.1.2)
      connection_pool (>= 2.2.2)
      rack (~> 2.0)
      redis (>= 4.2.0)
    simplecov (0.19.0)
      docile (~> 1.1)
      simplecov-html (~> 0.11)
    simplecov-html (0.12.3)
    unicode-display_width (1.7.0)

PLATFORMS
  ruby

DEPENDENCIES
  bundler
  minitest-utils
  rake
  rubocop
  rubocop-fnando
  sidekiq-clockwork!
  simplecov

BUNDLED WITH
   2.1.4
