PATH
  remote: .
  specs:
    sidekiq-clockwork (0.1.1)
      sidekiq

GEM
  remote: https://rubygems.org/
  specs:
    connection_pool (2.2.2)
    minitest (5.11.3)
    minitest-utils (0.4.4)
      minitest
    rack (2.0.7)
    rack-protection (2.0.5)
      rack
    rake (12.3.3)
    redis (4.1.2)
    sidekiq (5.2.7)
      connection_pool (~> 2.2, >= 2.2.2)
      rack (>= 1.5.0)
      rack-protection (>= 1.5.0)
      redis (>= 3.3.5, < 5)

PLATFORMS
  ruby

DEPENDENCIES
  bundler
  minitest-utils
  rake
  sidekiq-clockwork!

BUNDLED WITH
   2.0.2
